PATH
  remote: .
  specs:
    cowtech-extensions (2.7.3)
      actionpack (>= 3, < 7)
      json (~> 1.7.0)
      tzinfo (~> 0.3.0)

GEM
  remote: http://rubygems.org/
  specs:
    actionpack (4.0.13)
      activesupport (= 4.0.13)
      builder (~> 3.1.0)
      erubis (~> 2.7.0)
      rack (~> 1.5.2)
      rack-test (~> 0.6.2)
    activesupport (4.0.13)
      i18n (~> 0.6, >= 0.6.9)
      minitest (~> 4.2)
      multi_json (~> 1.3)
      thread_safe (~> 0.1)
      tzinfo (~> 0.3.37)
    builder (3.1.4)
    coderay (1.0.7)
    concurrent-ruby (1.1.5)
    diff-lcs (1.1.3)
    erubis (2.7.0)
    github-markup (0.7.2)
    i18n (0.9.5)
      concurrent-ruby (~> 1.0)
    json (1.7.7)
    method_source (0.8)
    minitest (4.7.5)
    multi_json (1.14.1)
    pry (0.9.10)
      coderay (~> 1.0.5)
      method_source (~> 0.8)
      slop (~> 3.3.1)
    rack (1.5.5)
    rack-test (0.6.3)
      rack (>= 1.0)
    rake (0.9.2.2)
    redcarpet (2.1.1)
    rspec (2.11.0)
      rspec-core (~> 2.11.0)
      rspec-expectations (~> 2.11.0)
      rspec-mocks (~> 2.11.0)
    rspec-core (2.11.0)
    rspec-expectations (2.11.1)
      diff-lcs (~> 1.1.3)
    rspec-mocks (2.11.0)
    simplecov (0.6.4)
      multi_json (~> 1.0)
      simplecov-html (~> 0.5.3)
    simplecov-html (0.5.3)
    slop (3.3.2)
    thread_safe (0.3.6)
    tzinfo (0.3.56)
    yard (0.8.2.1)

PLATFORMS
  ruby

DEPENDENCIES
  cowtech-extensions!
  github-markup (~> 0.7.0)
  pry
  rake (~> 0.9.0)
  redcarpet (~> 2.1.0)
  rspec (~> 2.11.0)
  simplecov (~> 0.6.0)
  yard (~> 0.8.0)
